GEM
  remote: http://rubygems.org/
  specs:
    crack (0.1.8)
    httparty (0.7.8)
      crack (= 0.1.8)
    swish (0.8.1)
      crack (>= 0.1.8)
      httparty (>= 0.6.1)

PLATFORMS
  ruby

DEPENDENCIES
  httparty (= 0.7.8)
  swish (= 0.8.1)
