GEM
  remote: http://rubygems.org/
  specs:
    domain_name (0.5.20160216)
      unf (>= 0.0.5, < 1.0.0)
    dribbble (1.0.4)
      rest-client (~> 1.7)
    http-cookie (1.0.2)
      domain_name (~> 0.5)
    mime-types (2.99.1)
    netrc (0.11.0)
    rest-client (1.8.0)
      http-cookie (>= 1.0.2, < 2.0)
      mime-types (>= 1.16, < 3.0)
      netrc (~> 0.7)
    unf (0.1.4)
      unf_ext
    unf_ext (0.0.7.2)

PLATFORMS
  ruby

DEPENDENCIES
  dribbble (= 1.0.4)

BUNDLED WITH
   1.10.6
